PATH
  remote: ../core
  specs:
    ov_state_machine-core (0.0.1)
      facets (~> 2.9.3)

GEM
  remote: https://rubygems.org/
  specs:
    facets (2.9.3)

PLATFORMS
  ruby

DEPENDENCIES
  ov_state_machine-core (= 0.0.1)!
